GEM
  remote: http://rubygems.org/
  specs:
    et-orbi (1.1.2)
      tzinfo
    fugit (1.1.1)
      et-orbi (~> 1.1, >= 1.1.1)
      raabro (~> 1.1)
    mustermann (1.0.2)
    raabro (1.1.5)
    rack (2.0.6)
    rack-protection (2.0.3)
      rack
    rufus-scheduler (3.5.0)
      fugit (~> 1.1, >= 1.1.1)
    sinatra (2.0.3)
      mustermann (~> 1.0)
      rack (~> 2.0)
      rack-protection (= 2.0.3)
      tilt (~> 2.0)
    thread_safe (0.3.6)
    tilt (2.0.8)
    tzinfo (1.2.5)
      thread_safe (~> 0.1)

PLATFORMS
  ruby

DEPENDENCIES
  rufus-scheduler
  sinatra (= 2.0.3)

BUNDLED WITH
   1.16.2
